GEM
  remote: https://rubygems.org/
  specs:
    autocorrect (0.0.1)
      text
    ffi (1.9.8-x86-mingw32)
    text (1.3.0)
    win32-clipboard (0.6.3)
      ffi

PLATFORMS
  x86-mingw32

DEPENDENCIES
  autocorrect (~> 0.0.1)
  win32-clipboard (~> 0.6.3)
